PATH
  remote: .
  specs:
    resque-ensure-connected (0.2.0)
      activerecord (>= 2.3.5)
      resque (>= 1.10.0)

GEM
  remote: http://rubygems.org/
  specs:
    activemodel (3.1.1)
      activesupport (= 3.1.1)
      builder (~> 3.0.0)
      i18n (~> 0.6)
    activerecord (3.1.1)
      activemodel (= 3.1.1)
      activesupport (= 3.1.1)
      arel (~> 2.2.1)
      tzinfo (~> 0.3.29)
    activesupport (3.1.1)
      multi_json (~> 1.0)
    arel (2.2.1)
    builder (3.0.0)
    i18n (0.6.0)
    json (1.4.6)
    mocha (0.9.8)
      rake
    multi_json (1.0.3)
    rack (1.3.5)
    rack-protection (1.1.4)
      rack
    rake (13.0.1)
    redis (2.2.2)
    redis-namespace (1.0.3)
      redis (< 3.0.0)
    resque (1.19.0)
      multi_json (~> 1.0)
      redis-namespace (~> 1.0.2)
      sinatra (>= 0.9.2)
      vegas (~> 0.1.2)
    resque_unit (0.4.1)
      json (>= 1.4.6)
    shoulda (2.11.3)
    sinatra (1.3.1)
      rack (~> 1.3, >= 1.3.4)
      rack-protection (~> 1.1, >= 1.1.2)
      tilt (~> 1.3, >= 1.3.3)
    tilt (1.3.3)
    tzinfo (0.3.31)
    vegas (0.1.8)
      rack (>= 1.0.0)

PLATFORMS
  ruby

DEPENDENCIES
  mocha
  rake (= 13.0.1)
  resque-ensure-connected!
  resque_unit (= 0.4.1)
  shoulda
